PATH
  remote: .
  specs:
    samtrafiken_api (0.0.0)
      httparty (~> 0.11)

GEM
  remote: https://rubygems.org/
  specs:
    httparty (0.11.0)
      multi_json (~> 1.0)
      multi_xml (>= 0.5.2)
    multi_json (1.7.6)
    multi_xml (0.5.4)

PLATFORMS
  ruby

DEPENDENCIES
  samtrafiken_api!
